NUGET
  remote: https://www.nuget.org/api/v2
  specs:
    BouncyCastle (1.8.1)
    FAKE (4.25.5)
    FSharp.Data (2.2.3)
      Zlib.Portable (>= 1.10) - framework: portable-net40+sl50+wp80+win80
    FsUnit (1.3.0.1) - framework: >= net45
      NUnit (>= 2.6.3)
    NUnit (2.6.4) - framework: >= net45
    System.IdentityModel.Tokens.Jwt (4.0.2.206221351)
    Zlib.Portable (1.11) - framework: portable-net40+sl50+wp80+win80
